GEM
  remote: http://rubygems.org/
  specs:
    addressable (2.3.2)
    andand (1.3.3)
    charlock_holmes (0.6.9)
    kgio (2.8.0)
    mime-types (1.19)
    rack (1.4.4)
    rack-protection (1.3.2)
      rack
    raindrops (0.10.0)
    rest-client (1.6.7)
      mime-types (>= 1.16)
    sinatra (1.3.3)
      rack (~> 1.3, >= 1.3.6)
      rack-protection (~> 1.2)
      tilt (~> 1.3, >= 1.3.3)
    tilt (1.3.3)
    unicorn (4.5.0)
      kgio (~> 2.6)
      rack
      raindrops (~> 0.7)

PLATFORMS
  ruby

DEPENDENCIES
  addressable
  andand
  charlock_holmes
  rest-client
  sinatra
  unicorn
