GIT
  remote: git://github.com/brianmario/charlock_holmes.git
  revision: 35a3afe1341b975e99825ed2d35729d52ec3029d
  branch: bundle-icu
  specs:
    charlock_holmes (0.6.13)

GEM
  remote: https://rubygems.org/
  specs:
    addressable (2.3.2)
    andand (1.3.3)
    crack (0.3.2)
    diff-lcs (1.1.3)
    kgio (2.8.0)
    mime-types (1.19)
    rack (1.4.4)
    rack-protection (1.3.2)
      rack
    rack-test (0.6.2)
      rack (>= 1.0)
    raindrops (0.10.0)
    rest-client (1.6.7)
      mime-types (>= 1.16)
    rspec (2.12.0)
      rspec-core (~> 2.12.0)
      rspec-expectations (~> 2.12.0)
      rspec-mocks (~> 2.12.0)
    rspec-core (2.12.2)
    rspec-expectations (2.12.1)
      diff-lcs (~> 1.1.3)
    rspec-mocks (2.12.1)
    sinatra (1.3.3)
      rack (~> 1.3, >= 1.3.6)
      rack-protection (~> 1.2)
      tilt (~> 1.3, >= 1.3.3)
    tilt (1.3.3)
    unicorn (4.5.0)
      kgio (~> 2.6)
      rack
      raindrops (~> 0.7)
    webmock (1.9.0)
      addressable (>= 2.2.7)
      crack (>= 0.1.7)

PLATFORMS
  ruby

DEPENDENCIES
  addressable
  andand
  charlock_holmes!
  rack-test
  rest-client
  rspec
  sinatra
  unicorn
  webmock
